GEM
  remote: http://rubygems.org/
  specs:
    backports (2.8.2)
    eventmachine (1.0.0)
    hipchat-api (1.0.5)
      httparty
    httparty (0.10.2)
      multi_json (~> 1.0)
      multi_xml (>= 0.5.2)
    json (1.7.6)
    mime-types (1.20.1)
    multi_json (1.5.0)
    multi_xml (0.5.2)
    rack (1.5.1)
    rack-protection (1.3.2)
      rack
    rack-test (0.6.2)
      rack (>= 1.0)
    rest-client (1.6.7)
      mime-types (>= 1.16)
    rufus-scheduler (2.0.17)
      tzinfo (>= 0.3.23)
    sinatra (1.3.4)
      rack (~> 1.4)
      rack-protection (~> 1.3)
      tilt (~> 1.3, >= 1.3.3)
    sinatra-contrib (1.3.2)
      backports (>= 2.0)
      eventmachine
      rack-protection
      rack-test
      sinatra (~> 1.3.0)
      tilt (~> 1.3)
    tilt (1.3.3)
    tzinfo (0.3.35)
    xmpp4r (0.5)

PLATFORMS
  ruby

DEPENDENCIES
  hipchat-api
  json
  rest-client
  rufus-scheduler
  sinatra
  sinatra-contrib
  xmpp4r
